PATH
  remote: .
  specs:
    vuerb (0.1.0)
      opal (~> 0.11)
      rake (>= 12.3.3)

GEM
  remote: https://rubygems.org/
  specs:
    ast (2.4.0)
    hike (1.2.3)
    minitest (5.14.0)
    opal (0.11.4)
      ast (>= 2.3.0)
      hike (~> 1.2)
      parser (= 2.3.3.1)
      sourcemap (~> 0.1.0)
    parser (2.3.3.1)
      ast (~> 2.2)
    rake (13.0.1)
    sourcemap (0.1.1)

PLATFORMS
  ruby

DEPENDENCIES
  bundler (~> 2.0)
  minitest (~> 5.0)
  vuerb!

BUNDLED WITH
   2.0.2
